GEM
  remote: http://rubygems.org/
  specs:
    backports (2.6.1)
    daemons (1.1.8)
    eventmachine (0.12.10)
    haml (3.1.6)
    i18n (0.6.0)
    mail (2.4.4)
      i18n (>= 0.4.0)
      mime-types (~> 1.16)
      treetop (~> 1.4.8)
    mime-types (1.18)
    monkey-lib (0.5.4)
      backports
    polyglot (0.3.3)
    pony (1.4)
      mail (> 2.0)
    rack (1.4.1)
    sinatra (1.1.0)
      rack (~> 1.1)
      tilt (~> 1.1)
    sinatra-advanced-routes (0.5.1)
      monkey-lib (~> 0.5.0)
      sinatra (~> 1.0)
      sinatra-sugar (~> 0.5.0)
    sinatra-reloader (0.5.0)
      sinatra (~> 1.0)
      sinatra-advanced-routes (~> 0.5.0)
    sinatra-sugar (0.5.1)
      monkey-lib (~> 0.5.0)
      sinatra (~> 1.0)
    thin (1.3.1)
      daemons (>= 1.0.9)
      eventmachine (>= 0.12.6)
      rack (>= 1.0.0)
    tilt (1.3.3)
    treetop (1.4.10)
      polyglot
      polyglot (>= 0.3.1)

PLATFORMS
  ruby

DEPENDENCIES
  haml
  pony
  sinatra (= 1.1.0)
  sinatra-reloader
  thin
